NUGET
  remote: https://nuget.org/api/v2
  specs:
    FAKE (3.33.0)
    FSharp.Compiler.Service (0.0.89)
    FSharp.Core (3.1.2.1)
    FSharp.Data (2.2.2)
      Zlib.Portable (>= 1.10.0) - framework: portable-net40+sl50+wp80+win80
    FsPickler (1.2.1)
    Suave (0.28.1)
      FSharp.Core (>= 3.1.2.1)
      FsPickler (>= 1.0.7)
    Zlib.Portable (1.10.0) - framework: portable-net40+sl50+wp80+win80
